PATH
  remote: .
  specs:
    simple_presenter (0.1.0)

GEM
  remote: http://gems.simplesideias.com.br/
  specs:
    diff-lcs (1.1.3)
    rake (0.9.2)
    rspec (2.7.0)
      rspec-core (~> 2.7.0)
      rspec-expectations (~> 2.7.0)
      rspec-mocks (~> 2.7.0)
    rspec-core (2.7.0)
    rspec-expectations (2.7.0)
      diff-lcs (~> 1.1.2)
    rspec-mocks (2.7.0)

PLATFORMS
  ruby

DEPENDENCIES
  rake
  rspec (~> 2.7)
  simple_presenter!
