PATH
  remote: .
  specs:
    simple_presenter (0.1.0)

GEM
  remote: http://gems.simplesideias.com.br/
  specs:
    coderay (0.9.8)
    diff-lcs (1.1.3)
    method_source (0.6.6)
      ruby_parser (~> 2.0.5)
    pry (0.9.6.2)
      coderay (~> 0.9.8)
      method_source (~> 0.6.5)
      ruby_parser (~> 2.0.5)
      slop (~> 2.1.0)
    rake (0.9.2)
    rspec (2.7.0)
      rspec-core (~> 2.7.0)
      rspec-expectations (~> 2.7.0)
      rspec-mocks (~> 2.7.0)
    rspec-core (2.7.0)
    rspec-expectations (2.7.0)
      diff-lcs (~> 1.1.2)
    rspec-mocks (2.7.0)
    ruby_parser (2.0.6)
      sexp_processor (~> 3.0)
    sexp_processor (3.0.7)
    slop (2.1.0)

PLATFORMS
  ruby

DEPENDENCIES
  pry
  rake
  rspec (~> 2.7)
  simple_presenter!
